PATH
  remote: .
  specs:
    mautic_api (1.0.0)

GEM
  remote: https://rubygems.org/
  specs:

PLATFORMS
  ruby

DEPENDENCIES
  mautic_api!

BUNDLED WITH
   1.16.1
