PATH
  remote: .
  specs:
    mautic_api (0.0.1)

GEM
  remote: https://rubygems.org/
  specs:
    oauth (0.5.1)

PLATFORMS
  ruby

DEPENDENCIES
  mautic_api!
  oauth

BUNDLED WITH
   1.12.5
